GEM
  remote: https://rubygems.org/
  specs:
    activesupport (7.0.4)
      concurrent-ruby (~> 1.0, >= 1.0.2)
      i18n (>= 1.6, < 2)
      minitest (>= 5.1)
      tzinfo (~> 2.0)
    coderay (1.1.3)
    concurrent-ruby (1.1.10)
    dotenv (2.8.1)
    fast_jsonapi (1.5)
      activesupport (>= 4.2)
    i18n (1.12.0)
      concurrent-ruby (~> 1.0)
    method_source (1.0.0)
    minitest (5.16.3)
    nio4r (2.5.8)
    pg (0.21.0)
    pry (0.14.1)
      coderay (~> 1.1)
      method_source (~> 1.0)
    puma (5.6.5)
      nio4r (~> 2.0)
    rack (3.0.0)
    rack-cors (1.1.1)
      rack (>= 2.0.0)
    rack-unreloader (2.0.0)
    rake (13.0.6)
    roda (3.59.0)
      rack
    sequel (5.60.1)
    tzinfo (2.0.5)
      concurrent-ruby (~> 1.0)

PLATFORMS
  x86_64-linux

DEPENDENCIES
  dotenv
  fast_jsonapi
  pg (>= 0.18, < 1.0)
  pry
  puma
  rack-cors
  rack-unreloader
  rake
  roda
  sequel

RUBY VERSION
   ruby 3.1.2p20

BUNDLED WITH
   2.3.7
